GEM
  remote: http://rubygems.org/
  specs:
    colorize (0.5.8)
    git-smart (0.1.9)
      colorize
    tmuxinator (0.5.0)

PLATFORMS
  ruby

DEPENDENCIES
  git-smart
  tmuxinator
