GEM
  remote: https://rubygems.org/
  specs:
    CoffeeTags (0.0.3.0)
    awesome_print (1.1.0)
    coderay (1.0.9)
    colorize (0.5.8)
    gem-browse (1.0.0)
    gem-ctags (1.0.5)
    git-smart (0.1.9)
      colorize
    method_source (0.8.1)
    pry (0.9.12)
      coderay (~> 1.0.5)
      method_source (~> 0.8)
      slop (~> 3.4)
    pry-doc (0.4.5)
      pry (>= 0.9)
      yard (>= 0.8)
    rcodetools (0.8.5.0)
    slop (3.4.4)
    spring (0.0.8)
    tmuxinator (0.5.0)
    yard (0.8.6)

PLATFORMS
  ruby

DEPENDENCIES
  CoffeeTags
  awesome_print
  gem-browse
  gem-ctags
  git-smart
  pry
  pry-doc
  rcodetools
  spring
  tmuxinator
