GEM
  remote: http://rubygems.org/
  specs:
    CoffeeTags (0.0.3.0)
    awesome_print (1.1.0)
    coderay (1.0.8)
    colorize (0.5.8)
    configuration (1.3.2)
    git-smart (0.1.9)
      colorize
    launchy (0.3.7)
      configuration (>= 0.0.5)
      rake (>= 0.8.1)
    method_source (0.8.1)
    open_gem (1.4.2)
      launchy (~> 0.3.5)
    pry (0.9.11.4)
      coderay (~> 1.0.5)
      method_source (~> 0.8)
      slop (~> 3.4)
    pry-doc (0.4.4)
      pry (>= 0.9.9.6)
      yard (~> 0.8.1)
    rake (10.0.3)
    rcodetools (0.8.5.0)
    slop (3.4.3)
    tmuxinator (0.5.0)
    yard (0.8.4.1)

PLATFORMS
  ruby

DEPENDENCIES
  CoffeeTags
  awesome_print
  git-smart
  open_gem
  pry
  pry-doc
  rcodetools
  tmuxinator
